GEM
  remote: https://rubygems.org/
  specs:
    base64 (0.2.0)
    bcp47_spec (0.2.1)
    bigdecimal (3.1.9)
    ebnf (2.6.0)
      base64 (~> 0.2)
      htmlentities (~> 4.3)
      rdf (~> 3.3)
      scanf (~> 1.0)
      sxp (~> 2.0)
      unicode-types (~> 1.8)
    haml (6.3.0)
      temple (>= 0.8.2)
      thor
      tilt
    htmlbeautifier (1.4.3)
    htmlentities (4.3.4)
    json-canonicalization (1.0.0)
    json-ld (3.3.2)
      htmlentities (~> 4.3)
      json-canonicalization (~> 1.0)
      link_header (~> 0.0, >= 0.0.8)
      multi_json (~> 1.15)
      rack (>= 2.2, < 4)
      rdf (~> 3.3)
      rexml (~> 3.2)
    kramdown (2.5.1)
      rexml (>= 3.3.9)
    link_header (0.0.8)
    logger (1.6.6)
    matrix (0.4.2)
    multi_json (1.15.0)
    ostruct (0.6.1)
    rack (3.1.12)
    rake (13.2.1)
    rdf (3.3.2)
      bcp47_spec (~> 0.2)
      bigdecimal (~> 3.1, >= 3.1.5)
      link_header (~> 0.0, >= 0.0.8)
    rdf-turtle (3.3.1)
      base64 (~> 0.2)
      bigdecimal (~> 3.1, >= 3.1.5)
      ebnf (~> 2.5)
      rdf (~> 3.3)
    rexml (3.4.1)
    scanf (1.0.0)
    sxp (2.0.0)
      matrix (~> 0.4)
      rdf (~> 3.3)
    temple (0.10.3)
    thor (1.3.2)
    tilt (2.6.0)
    unicode-types (1.10.0)

PLATFORMS
  arm64-darwin-22
  arm64-darwin-24
  x86_64-linux

DEPENDENCIES
  haml (~> 6.2)
  htmlbeautifier (~> 1.4)
  json-ld
  kramdown (~> 2.4)
  logger (~> 1.6)
  ostruct (~> 0.6)
  rake
  rdf-turtle

RUBY VERSION
   ruby 3.4.1p0

BUNDLED WITH
   2.5.19
