GEM
  remote: https://rubygems.org/
  specs:
    bcp47_spec (0.2.1)
    ebnf (2.4.0)
      htmlentities (~> 4.3)
      rdf (~> 3.3)
      scanf (~> 1.0)
      sxp (~> 1.3)
      unicode-types (~> 1.8)
    haml (6.2.3)
      temple (>= 0.8.2)
      thor
      tilt
    htmlbeautifier (1.4.2)
    htmlentities (4.3.4)
    json-canonicalization (1.0.0)
    json-ld (3.3.1)
      htmlentities (~> 4.3)
      json-canonicalization (~> 1.0)
      link_header (~> 0.0, >= 0.0.8)
      multi_json (~> 1.15)
      rack (>= 2.2, < 4)
      rdf (~> 3.3)
    kramdown (2.4.0)
      rexml
    link_header (0.0.8)
    matrix (0.4.2)
    multi_json (1.15.0)
    rack (3.0.8)
    rake (13.1.0)
    rdf (3.3.1)
      bcp47_spec (~> 0.2)
      link_header (~> 0.0, >= 0.0.8)
    rdf-turtle (3.3.0)
      ebnf (~> 2.4)
      rdf (~> 3.3)
    rexml (3.2.6)
    scanf (1.0.0)
    sxp (1.3.0)
      matrix (~> 0.4)
      rdf (~> 3.3)
    temple (0.10.3)
    thor (1.3.0)
    tilt (2.3.0)
    unicode-types (1.9.0)

PLATFORMS
  arm64-darwin-22
  x86_64-linux

DEPENDENCIES
  haml (~> 6.1)
  htmlbeautifier (~> 1.4)
  json-ld
  kramdown (~> 2.3)
  rake
  rdf-turtle

RUBY VERSION
   ruby 3.2.2p53

BUNDLED WITH
   2.4.17
